PATH
  remote: .
  specs:
    scrap_cbf_record (0.1.0)
      activesupport (~> 5.2.3)
      json (~> 2.5)
      yaml (~> 0.1.1)

GEM
  remote: https://rubygems.org/
  specs:
    activesupport (5.2.4.5)
      concurrent-ruby (~> 1.0, >= 1.0.2)
      i18n (>= 0.7, < 2)
      minitest (~> 5.1)
      tzinfo (~> 1.1)
    ast (2.4.0)
    concurrent-ruby (1.1.8)
    i18n (1.8.9)
      concurrent-ruby (~> 1.0)
    jaro_winkler (1.5.3)
    json (2.5.1)
    minitest (5.14.4)
    parallel (1.17.0)
    parser (2.7.1.0)
      ast (~> 2.4.0)
    rainbow (3.0.0)
    rexml (3.1.9)
    rubocop (0.81.0)
      jaro_winkler (~> 1.5.1)
      parallel (~> 1.10)
      parser (>= 2.7.0.1)
      rainbow (>= 2.2.2, < 4.0)
      rexml
      ruby-progressbar (~> 1.7)
      unicode-display_width (>= 1.4.0, < 2.0)
    ruby-progressbar (1.10.1)
    thread_safe (0.3.6)
    tzinfo (1.2.9)
      thread_safe (~> 0.1)
    unicode-display_width (1.7.0)
    yaml (0.1.1)
    yard (0.9.26)

PLATFORMS
  ruby

DEPENDENCIES
  rubocop (~> 0.81.0)
  scrap_cbf_record!
  yard (~> 0.9)

BUNDLED WITH
   1.17.2
